GIT
  remote: git://github.com/podemos-info/norma43.git
  revision: 98e537e2e5a60394e53b7447221187d0e497cf2c
  specs:
    norma43 (0.3.2)

GIT
  remote: git://github.com/radar/paranoia.git
  revision: bd3383729c790bf09e488f84221eaaea27c6597e
  branch: rails4
  specs:
    paranoia (2.2.0.alpha)
      activerecord (>= 4.0, < 5.1)

GEM
  remote: https://rubygems.org/
  specs:
    actionmailer (4.2.10)
      actionpack (= 4.2.10)
      actionview (= 4.2.10)
      activejob (= 4.2.10)
      mail (~> 2.5, >= 2.5.4)
      rails-dom-testing (~> 1.0, >= 1.0.5)
    actionpack (4.2.10)
      actionview (= 4.2.10)
      activesupport (= 4.2.10)
      rack (~> 1.6)
      rack-test (~> 0.6.2)
      rails-dom-testing (~> 1.0, >= 1.0.5)
      rails-html-sanitizer (~> 1.0, >= 1.0.2)
    actionview (4.2.10)
      activesupport (= 4.2.10)
      builder (~> 3.1)
      erubis (~> 2.7.0)
      rails-dom-testing (~> 1.0, >= 1.0.5)
      rails-html-sanitizer (~> 1.0, >= 1.0.3)
    active_skin (0.0.12)
    activeadmin (1.0.0.pre1)
      arbre (~> 1.0, >= 1.0.2)
      bourbon
      coffee-rails
      formtastic (~> 3.1)
      formtastic_i18n
      inherited_resources (~> 1.6)
      jquery-rails
      jquery-ui-rails (~> 5.0)
      kaminari (~> 0.15)
      rails (>= 3.2, < 5.0)
      ransack (~> 1.3)
      sass-rails
    activejob (4.2.10)
      activesupport (= 4.2.10)
      globalid (>= 0.3.0)
    activemodel (4.2.10)
      activesupport (= 4.2.10)
      builder (~> 3.1)
    activerecord (4.2.10)
      activemodel (= 4.2.10)
      activesupport (= 4.2.10)
      arel (~> 6.0)
    activesupport (4.2.10)
      i18n (~> 0.7)
      minitest (~> 5.1)
      thread_safe (~> 0.3, >= 0.3.4)
      tzinfo (~> 1.1)
    addressable (2.5.2)
      public_suffix (>= 2.0.2, < 4.0)
    airbrake (7.2.1)
      airbrake-ruby (~> 2.5)
    airbrake-ruby (2.8.3)
    airbrussh (1.3.0)
      sshkit (>= 1.6.1, != 1.7.0)
    ansi (1.5.0)
    arbre (1.1.1)
      activesupport (>= 3.0.0)
    arel (6.0.4)
    auto_html (1.6.4)
      redcarpet (~> 3.1)
      rinku (~> 1.5.0)
    autoprefixer-rails (8.2.0)
      execjs
    bcrypt (3.1.11)
    better_errors (2.4.0)
      coderay (>= 1.0.0)
      erubi (>= 1.0.0)
      rack (>= 0.9.0)
    binding_of_caller (0.8.0)
      debug_inspector (>= 0.0.1)
    bootstrap-sass (3.3.7)
      autoprefixer-rails (>= 5.2.1)
      sass (>= 3.3.4)
    bourbon (5.0.0)
      sass (~> 3.4)
      thor (~> 0.19)
    builder (3.2.3)
    byebug (10.0.1)
    cancancan (1.17.0)
    capistrano (3.8.2)
      airbrussh (>= 1.0.0)
      i18n
      rake (>= 10.0.0)
      sshkit (>= 1.9.0)
    capistrano-bundler (1.3.0)
      capistrano (~> 3.1)
      sshkit (~> 1.2)
    capistrano-passenger (0.2.0)
      capistrano (~> 3.0)
    capistrano-rails (1.3.1)
      capistrano (~> 3.1)
      capistrano-bundler (~> 1.1)
    capistrano-rvm (0.1.2)
      capistrano (~> 3.0)
      sshkit (~> 1.2)
    capybara (2.18.0)
      addressable
      mini_mime (>= 0.1.3)
      nokogiri (>= 1.3.3)
      rack (>= 1.0.0)
      rack-test (>= 0.5.4)
      xpath (>= 2.0, < 4.0)
    carmen (1.0.2)
      activesupport (>= 3.0.0)
    carmen-rails (1.0.1)
      carmen (~> 1.0.0)
      rails
    climate_control (0.2.0)
    cliver (0.3.2)
    cocoon (1.2.11)
    coderay (1.1.2)
    coffee-rails (4.1.1)
      coffee-script (>= 2.2.0)
      railties (>= 4.0.0, < 5.1.x)
    coffee-script (2.4.1)
      coffee-script-source
      execjs
    coffee-script-source (1.12.2)
    concurrent-ruby (1.0.5)
    crack (0.4.3)
      safe_yaml (~> 1.0.0)
    crass (1.0.3)
    daemons (1.2.6)
    database_cleaner (1.6.2)
    date_validator (0.9.0)
      activemodel
      activesupport
    debug_inspector (0.0.3)
    devise (4.4.3)
      bcrypt (~> 3.0)
      orm_adapter (~> 0.1)
      railties (>= 4.1.0, < 6.0)
      responders
      warden (~> 1.2.3)
    docile (1.3.0)
    doorkeeper (4.3.1)
      railties (>= 4.2)
    erubi (1.7.1)
    erubis (2.7.0)
    esendex (0.6.0)
      nestful (~> 0.0.8)
      nokogiri (~> 1.8, >= 1.8.2)
    eventmachine (1.0.9.1)
    execjs (2.7.0)
    factory_bot (4.8.2)
      activesupport (>= 3.0.0)
    factory_bot_rails (4.8.2)
      factory_bot (~> 4.8.2)
      railties (>= 3.0.0)
    ffi (1.9.23)
    ffi-icu (0.1.10)
      ffi (~> 1.0, >= 1.0.9)
    flag_shih_tzu (0.3.19)
    font-awesome-rails (4.7.0.3)
      railties (>= 3.2, < 5.2)
    formtastic (3.1.5)
      actionpack (>= 3.2.13)
    formtastic-bootstrap (3.1.1)
      formtastic (>= 3.0)
    formtastic_i18n (0.6.0)
    friendly_id (5.1.0)
      activerecord (>= 4.0.0)
    globalid (0.4.1)
      activesupport (>= 4.2.0)
    has_scope (0.7.1)
      actionpack (>= 4.1, < 5.2)
      activesupport (>= 4.1, < 5.2)
    hashdiff (0.3.7)
    httparty (0.16.1)
      multi_xml (>= 0.5.2)
    i18n (0.9.5)
      concurrent-ruby (~> 1.0)
    iban-tools (1.1.0)
    inherited_resources (1.8.0)
      actionpack (>= 4.2, <= 5.2)
      has_scope (~> 0.6)
      railties (>= 4.2, <= 5.2)
      responders
    jbuilder (2.7.0)
      activesupport (>= 4.2.0)
      multi_json (>= 1.2)
    jquery-rails (4.3.1)
      rails-dom-testing (>= 1, < 3)
      railties (>= 4.2.0)
      thor (>= 0.14, < 2.0)
    jquery-ui-rails (5.0.5)
      railties (>= 3.2.16)
    json (1.8.6)
    kaminari (0.17.0)
      actionpack (>= 3.0.0)
      activesupport (>= 3.0.0)
    kgio (2.11.2)
    launchy (2.4.3)
      addressable (~> 2.3)
    libv8 (3.16.14.19)
    loofah (2.2.1)
      crass (~> 1.0.2)
      nokogiri (>= 1.5.9)
    mail (2.7.0)
      mini_mime (>= 0.1.1)
    mailcatcher (0.6.5)
      eventmachine (= 1.0.9.1)
      mail (~> 2.3)
      rack (~> 1.5)
      sinatra (~> 1.2)
      skinny (~> 0.2.3)
      sqlite3 (~> 1.3)
      thin (~> 1.5.0)
    metaclass (0.0.4)
    mime-types (3.1)
      mime-types-data (~> 3.2015)
    mime-types-data (3.2016.0521)
    mimemagic (0.3.2)
    mini_mime (1.0.0)
    mini_portile2 (2.3.0)
    minitest (5.11.3)
    minitest-capybara (0.8.2)
      capybara (~> 2.2)
      minitest (~> 5.0)
      rake
    minitest-metadata (0.6.0)
      minitest (>= 4.7, < 6.0)
    minitest-rails (2.2.1)
      minitest (~> 5.7)
      railties (~> 4.1)
    minitest-rails-capybara (2.1.2)
      capybara (~> 2.7)
      minitest-capybara (~> 0.8)
      minitest-metadata (~> 0.6)
      minitest-rails (~> 2.1)
    minitest-reporters (1.2.0)
      ansi
      builder
      minitest (>= 5.0)
      ruby-progressbar
    mocha (1.4.0)
      metaclass (~> 0.0.1)
    multi_json (1.13.1)
    multi_xml (0.6.0)
    nestful (0.0.8)
      activesupport (>= 3.0.0.beta)
    net-scp (1.2.1)
      net-ssh (>= 2.6.5)
    net-ssh (4.2.0)
    nokogiri (1.8.2)
      mini_portile2 (~> 2.3.0)
    orm_adapter (0.5.0)
    paper_trail (8.1.2)
      activerecord (>= 4.2, < 5.2)
      request_store (~> 1.1)
    paperclip (6.0.0)
      activemodel (>= 4.2.0)
      activesupport (>= 4.2.0)
      mime-types
      mimemagic (~> 0.3.0)
      terrapin (~> 0.6.0)
    pg (0.21.0)
    phone (1.2.3)
    poltergeist (1.17.0)
      capybara (~> 2.1)
      cliver (~> 0.3.1)
      websocket-driver (>= 0.2.0)
    polyamorous (1.3.3)
      activerecord (>= 3.0)
    public_suffix (3.0.2)
    pushmeup (0.3.0)
      httparty
      json
    rack (1.6.9)
    rack-openid (1.4.2)
      rack (>= 1.1.0)
      ruby-openid (>= 2.1.8)
    rack-protection (1.5.5)
      rack
    rack-test (0.6.3)
      rack (>= 1.0)
    rails (4.2.10)
      actionmailer (= 4.2.10)
      actionpack (= 4.2.10)
      actionview (= 4.2.10)
      activejob (= 4.2.10)
      activemodel (= 4.2.10)
      activerecord (= 4.2.10)
      activesupport (= 4.2.10)
      bundler (>= 1.3.0, < 2.0)
      railties (= 4.2.10)
      sprockets-rails
    rails-deprecated_sanitizer (1.0.3)
      activesupport (>= 4.2.0.alpha)
    rails-dom-testing (1.0.9)
      activesupport (>= 4.2.0, < 5.0)
      nokogiri (~> 1.6)
      rails-deprecated_sanitizer (>= 1.0.1)
    rails-html-sanitizer (1.0.3)
      loofah (~> 2.0)
    rails-perftest (0.0.7)
    rails_autolink (1.1.6)
      rails (> 3.1)
    railties (4.2.10)
      actionpack (= 4.2.10)
      activesupport (= 4.2.10)
      rake (>= 0.8.7)
      thor (>= 0.18.1, < 2.0)
    raindrops (0.19.0)
    rake (12.3.1)
    rake-progressbar (0.0.5)
    ransack (1.8.8)
      actionpack (>= 3.0)
      activerecord (>= 3.0)
      activesupport (>= 3.0)
      i18n
      polyamorous (~> 1.3.2)
    rb-fsevent (0.10.3)
    rb-inotify (0.9.10)
      ffi (>= 0.5.0, < 2)
    rb-readline (0.5.5)
    rdoc (4.3.0)
    redcarpet (3.4.0)
    ref (2.0.0)
    request_store (1.4.1)
      rack (>= 1.4)
    responders (2.4.0)
      actionpack (>= 4.2.0, < 5.3)
      railties (>= 4.2.0, < 5.3)
    rinku (1.5.1)
    ruby-openid (2.7.0)
    ruby-progressbar (1.9.0)
    safe_yaml (1.0.4)
    sass (3.5.5)
      sass-listen (~> 4.0.0)
    sass-listen (4.0.0)
      rb-fsevent (~> 0.9, >= 0.9.4)
      rb-inotify (~> 0.9, >= 0.9.7)
    sass-rails (5.0.7)
      railties (>= 4.0.0, < 6)
      sass (~> 3.1)
      sprockets (>= 2.8, < 4.0)
      sprockets-rails (>= 2.0, < 4.0)
      tilt (>= 1.1, < 3)
    sdoc (0.4.2)
      json (~> 1.7, >= 1.7.7)
      rdoc (~> 4.0)
    sepa_king (0.10.1)
      activemodel (>= 3.0.0)
      builder
      iban-tools
    simple_captcha2 (0.4.3)
      rails (>= 4.1)
    simplecov (0.16.1)
      docile (~> 1.1)
      json (>= 1.8, < 3)
      simplecov-html (~> 0.10.0)
    simplecov-html (0.10.2)
    sinatra (1.4.8)
      rack (~> 1.5)
      rack-protection (~> 1.4)
      tilt (>= 1.3, < 3)
    skinny (0.2.4)
      eventmachine (~> 1.0.0)
      thin (>= 1.5, < 1.7)
    spanish_vat_validators (0.0.6)
      activemodel (>= 3.2.0)
    spring (2.0.2)
      activesupport (>= 4.2)
    sprockets (3.7.1)
      concurrent-ruby (~> 1.0)
      rack (> 1, < 3)
    sprockets-rails (2.3.3)
      actionpack (>= 3.0)
      activesupport (>= 3.0)
      sprockets (>= 2.8, < 4.0)
    sqlite3 (1.3.13)
    sshkit (1.16.0)
      net-scp (>= 1.1.2)
      net-ssh (>= 2.8.0)
    terrapin (0.6.0)
      climate_control (>= 0.0.3, < 1.0)
    therubyracer (0.12.3)
      libv8 (~> 3.16.14.15)
      ref
    thin (1.5.1)
      daemons (>= 1.0.9)
      eventmachine (>= 0.12.6)
      rack (>= 1.0.0)
    thor (0.20.0)
    thread_safe (0.3.6)
    tilt (2.0.8)
    turbolinks (5.1.0)
      turbolinks-source (~> 5.1)
    turbolinks-source (5.1.0)
    tzinfo (1.2.5)
      thread_safe (~> 0.1)
    uglifier (4.1.8)
      execjs (>= 0.3.0, < 3)
    unicode (0.4.4.4)
    unicorn (5.4.0)
      kgio (~> 2.6)
      raindrops (~> 0.7)
    validate_url (1.0.2)
      activemodel (>= 3.0.0)
      addressable
    warden (1.2.7)
      rack (>= 1.0)
    webmock (3.3.0)
      addressable (>= 2.3.6)
      crack (>= 0.3.2)
      hashdiff
    websocket-driver (0.7.0)
      websocket-extensions (>= 0.1.0)
    websocket-extensions (0.1.3)
    wicked_pdf (1.1.0)
    xpath (3.0.0)
      nokogiri (~> 1.8)

PLATFORMS
  ruby

DEPENDENCIES
  active_skin
  activeadmin (= 1.0.0.pre1)
  airbrake
  auto_html (~> 1.6.4)
  better_errors
  binding_of_caller
  bootstrap-sass
  byebug
  cancancan (~> 1.9)
  capistrano (~> 3.8.1)
  capistrano-bundler
  capistrano-passenger
  capistrano-rails
  capistrano-rvm
  capybara
  carmen-rails
  cocoon
  coffee-rails (~> 4.1.0)
  database_cleaner
  date_validator
  devise
  doorkeeper
  esendex
  factory_bot_rails
  ffi-icu
  flag_shih_tzu
  font-awesome-rails
  formtastic
  formtastic-bootstrap
  friendly_id (~> 5.1.0)
  iban-tools
  jbuilder (~> 2.0)
  jquery-rails
  kaminari
  launchy
  mailcatcher
  minitest-rails
  minitest-rails-capybara
  minitest-reporters
  mocha
  norma43!
  paper_trail
  paperclip
  paranoia!
  pg (~> 0.15)
  phone
  poltergeist
  pushmeup
  rack-openid
  rails (~> 4.2.2)
  rails-perftest
  rails_autolink
  rake-progressbar
  rb-readline
  ruby-openid
  sass-rails
  sdoc (~> 0.4.0)
  sepa_king
  simple_captcha2
  simplecov
  spanish_vat_validators
  spring
  sprockets-rails (= 2.3.3)
  sqlite3
  therubyracer
  turbolinks
  uglifier (>= 1.3.0)
  unicode
  unicorn
  validate_url
  webmock
  wicked_pdf

BUNDLED WITH
   1.14.6
